{
    "TaskName": "walk",
    "Manufacturer": "n/a",
    "PowerLineFrequency": 50.0,
    "SamplingFrequency": 250.0,
    "SoftwareFilters": "n/a",
    "RecordingDuration": 240.952,
    "RecordingType": "continuous",
    "EEGReference": "n/a",
    "EEGGround": "n/a",
    "EEGPlacementScheme": "n/a",
    "EEGChannelCount": 65,
    "EOGChannelCount": 0,
    "ECGChannelCount": 0,
    "EMGChannelCount": 0,
    "MiscChannelCount": 0,
    "TriggerChannelCount": 0
}
